GEM
  remote: https://rubygems.org/
  specs:
    addressable (2.5.2)
      public_suffix (>= 2.0.2, < 4.0)
    coderay (1.1.2)
    coolline (0.5.0)
      unicode_utils (~> 1.4)
    faraday (0.15.4)
      multipart-post (>= 1.2, < 3)
    json (2.2.0)
    method_source (0.9.2)
    multipart-post (2.0.0)
    octokit (4.14.0)
      sawyer (~> 0.8.0, >= 0.5.3)
    pry (0.12.2)
      coderay (~> 1.1.0)
      method_source (~> 0.9.0)
    pry-coolline (0.2.5)
      coolline (~> 0.5)
    public_suffix (3.0.3)
    rake (12.3.2)
    sawyer (0.8.1)
      addressable (>= 2.3.5, < 2.6)
      faraday (~> 0.8, < 1.0)
    unicode_utils (1.4.0)

PLATFORMS
  ruby
  x86_64-darwin-15

DEPENDENCIES
  json
  octokit
  pry
  pry-coolline
  rake

BUNDLED WITH
   1.14.6
